GEM
  remote: https://rubygems.org/
  remote: http://lprod.code-api-att.com:8808/
  specs:
    att-codekit (4.4.0)
      immutable_struct
      json
      rest-client (~> 1.7)
    backports (3.6.4)
    immutable_struct (1.1.1)
    json (1.8.2)
    mime-types (2.4.1)
    multi_json (1.10.1)
    netrc (0.10.2)
    rack (1.6.0)
    rack-protection (1.5.3)
      rack
    rack-test (0.6.3)
      rack (>= 1.0)
    rest-client (1.7.2)
      mime-types (>= 1.16, < 3.0)
      netrc (~> 0.7)
    sinatra (1.4.5)
      rack (~> 1.4)
      rack-protection (~> 1.4)
      tilt (~> 1.3, >= 1.3.4)
    sinatra-contrib (1.4.2)
      backports (>= 2.0)
      multi_json
      rack-protection
      rack-test
      sinatra (~> 1.4.0)
      tilt (~> 1.3)
    tilt (1.4.1)

PLATFORMS
  ruby

DEPENDENCIES
  att-codekit (~> 4.3)!
  sinatra (~> 1.4)!
  sinatra-contrib!
